GEM
  remote: https://rubygems.org/
  specs:
    rake (10.1.0)
    sass (3.2.6)

PLATFORMS
  ruby

DEPENDENCIES
  rake (~> 10.1.0)
  sass (= 3.2.6)
