GEM
  remote: https://rubygems.org/
  specs:
    builder (3.2.2)
    json (1.8.1)
    rake (10.1.0)
    sass (3.2.6)

PLATFORMS
  ruby

DEPENDENCIES
  builder
  json
  rake (~> 10.1.0)
  sass (= 3.2.6)
