GEM
  remote: https://rubygems.org/
  specs:
    builder (3.2.2)
    json (1.8.1)
    rake (10.1.0)

PLATFORMS
  ruby

DEPENDENCIES
  builder (~> 3.2.2)
  json (~> 1.8.1)
  rake (~> 10.1.0)
